PATH
  remote: .
  specs:
    ideal (2.1.0)
      nap
      nokogiri

GEM
  remote: http://rubygems.org/
  specs:
    activesupport (3.0.0)
    metaclass (0.0.1)
    mini_portile (0.6.1)
    mocha (0.14.0)
      metaclass (~> 0.0.1)
    nap (0.8.0)
    nokogiri (1.6.5)
      mini_portile (~> 0.6.0)
    rake (0.9.2.2)

PLATFORMS
  ruby

DEPENDENCIES
  activesupport
  ideal!
  mocha
  rake
